GEM
  remote: https://rubygems.org/
  specs:
    aws-sdk (2.10.122)
      aws-sdk-resources (= 2.10.122)
    aws-sdk-core (2.10.122)
      aws-sigv4 (~> 1.0)
      jmespath (~> 1.0)
    aws-sdk-resources (2.10.122)
      aws-sdk-core (= 2.10.122)
    aws-sigv4 (1.0.2)
    coderay (1.1.2)
    daemons (1.2.6)
    dotenv (2.2.1)
    eventmachine (1.2.5)
    jmespath (1.3.1)
    json (2.1.0)
    method_source (0.9.0)
    mustermann (1.0.1)
    pry (0.11.3)
      coderay (~> 1.1.0)
      method_source (~> 0.9.0)
    pry-remote (0.1.8)
      pry (~> 0.9)
      slop (~> 3.0)
    rack (2.0.3)
    rack-protection (2.0.0)
      rack
    sinatra (2.0.0)
      mustermann (~> 1.0)
      rack (~> 2.0)
      rack-protection (= 2.0.0)
      tilt (~> 2.0)
    sinatra-cross_origin (0.4.0)
    slop (3.6.0)
    thin (1.7.2)
      daemons (~> 1.0, >= 1.0.9)
      eventmachine (~> 1.0, >= 1.0.4)
      rack (>= 1, < 3)
    tilt (2.0.8)

PLATFORMS
  ruby

DEPENDENCIES
  aws-sdk (~> 2)
  dotenv
  json
  pry
  pry-remote
  sinatra
  sinatra-cross_origin
  thin

BUNDLED WITH
   1.15.4
